GEM
  remote: https://rubygems.org/
  specs:
    colorize (0.8.1)
    rouge (2.0.7)
    thor (0.20.0)
    xcpretty (0.2.8)
      rouge (~> 2.0.7)

PLATFORMS
  ruby

DEPENDENCIES
  colorize
  thor
  xcpretty

BUNDLED WITH
   1.16.4
